GEM
  remote: https://rubygems.org/
  specs:
    ansi (1.5.0)
    ast (2.1.0)
    colorize (0.7.7)
    hashdiff (0.2.2)
    oga (1.3.1)
      ast
      ruby-ll (~> 2.1)
    ruby-ll (2.1.2)
      ansi
      ast
    table_print (1.5.4)

PLATFORMS
  ruby

DEPENDENCIES
  colorize
  hashdiff
  oga
  table_print

BUNDLED WITH
   1.10.6
